GEM
  remote: https://rubygems.org/
  specs:
    jenkins_api_client (1.3.0)
      json
      mixlib-shellout (>= 1.1.0)
      nokogiri (~> 1.6.0)
      terminal-table (>= 1.4.0)
      thor (>= 0.16.0)
    json (1.8.2)
    mime-types (1.25.1)
    mini_portile (0.6.2)
    mixlib-shellout (2.0.1)
    netrc (0.10.2)
    nokogiri (1.6.5)
      mini_portile (~> 0.6.0)
    rest-client (1.7.2)
      mime-types (>= 1.16, < 3.0)
      netrc (~> 0.7)
    right_api_client (1.5.25)
      json (~> 1.0)
      mime-types (~> 1.0)
      rest-client (~> 1.6)
    terminal-table (1.4.5)
    thor (0.19.1)

PLATFORMS
  ruby

DEPENDENCIES
  jenkins_api_client
  right_api_client
