GEM
  remote: https://rubygems.org/
  specs:
    ast (2.2.0)
    astrolabe (1.3.1)
      parser (~> 2.2)
    byebug (5.0.0)
      columnize (= 0.9.0)
    coderay (1.1.0)
    columnize (0.9.0)
    diff-lcs (1.2.5)
    domain_name (0.5.25)
      unf (>= 0.0.5, < 1.0.0)
    http-cookie (1.0.2)
      domain_name (~> 0.5)
    jenkins_api_client (1.4.2)
      json
      mixlib-shellout (>= 1.1.0)
      nokogiri (~> 1.6.0)
      terminal-table (>= 1.4.0)
      thor (>= 0.16.0)
    json (1.8.3)
    method_source (0.8.2)
    mime-types (1.25.1)
    mini_portile (0.6.2)
    mixlib-shellout (2.2.3)
    netrc (0.10.3)
    nokogiri (1.6.6.2)
      mini_portile (~> 0.6.0)
    parser (2.3.0.1)
      ast (~> 2.2)
    powerpack (0.1.0)
    pry (0.10.3)
      coderay (~> 1.1.0)
      method_source (~> 0.8.1)
      slop (~> 3.4)
    pry-byebug (3.2.0)
      byebug (~> 5.0)
      pry (~> 0.10)
    rainbow (2.0.0)
    rest-client (1.8.0)
      http-cookie (>= 1.0.2, < 2.0)
      mime-types (>= 1.16, < 3.0)
      netrc (~> 0.7)
    right_api_client (1.6.1)
      json (~> 1.0)
      mime-types (~> 1.0)
      rest-client (~> 1.6)
    rspec (2.14.1)
      rspec-core (~> 2.14.0)
      rspec-expectations (~> 2.14.0)
      rspec-mocks (~> 2.14.0)
    rspec-core (2.14.8)
    rspec-expectations (2.14.5)
      diff-lcs (>= 1.1.3, < 2.0)
    rspec-mocks (2.14.6)
    rubocop (0.30.1)
      astrolabe (~> 1.3)
      parser (>= 2.2.2.1, < 3.0)
      powerpack (~> 0.1)
      rainbow (>= 1.99.1, < 3.0)
      ruby-progressbar (~> 1.4)
    ruby-progressbar (1.7.5)
    slop (3.6.0)
    tco (0.1.8)
    terminal-table (1.5.2)
    thor (0.19.1)
    unf (0.1.4)
      unf_ext
    unf_ext (0.0.7.1)

PLATFORMS
  ruby

DEPENDENCIES
  jenkins_api_client
  pry
  pry-byebug
  right_api_client
  rspec
  rubocop
  tco

BUNDLED WITH
   1.11.2
